GEM
  remote: https://rubygems.org/
  specs:
    cloud_events (0.7.0)
    functions_framework (0.11.0)
      cloud_events (>= 0.5.1, < 2.a)
      puma (>= 4.3.0, < 6.a)
      rack (~> 2.1)
    google-protobuf (3.13.0)
    googleapis-common-protos-types (1.0.5)
      google-protobuf (~> 3.11)
    grpc (1.32.0)
      google-protobuf (~> 3.13)
      googleapis-common-protos-types (~> 1.0)
    nio4r (2.5.8)
    puma (5.6.5)
      nio4r (~> 2.0)
    rack (2.2.6.4)

PLATFORMS
  ruby

DEPENDENCIES
  functions_framework (~> 0.7, >= 0.7.0)
  grpc (~> 1.32)

BUNDLED WITH
   2.1.4
