GEM
  remote: https://rubygems.org/
  specs:
    cloud_events (0.1.2)
    functions_framework (0.7.0)
      cloud_events (~> 0.1)
      puma (~> 4.3)
      rack (~> 2.1)
    google-protobuf (4.26.1)
      rake (>= 13)
    googleapis-common-protos-types (1.15.0)
      google-protobuf (>= 3.18, < 5.a)
    grpc (1.65.2)
      google-protobuf (>= 3.25, < 5.0)
      googleapis-common-protos-types (~> 1.0)
    nio4r (2.5.4)
    puma (4.3.6)
      nio4r (~> 2.0)
    rack (2.2.3)
    rake (13.2.1)

PLATFORMS
  ruby

DEPENDENCIES
  functions_framework (~> 0.7)
  grpc (~> 1.58, >= 1.58.3)

BUNDLED WITH
   2.1.4
