GEM
  remote: https://rubygems.org/
  specs:
    cloud_events (0.1.2)
    functions_framework (0.7.0)
      cloud_events (~> 0.1)
      puma (~> 4.3)
      rack (~> 2.1)
    google-protobuf (3.24.0)
    googleapis-common-protos-types (1.8.0)
      google-protobuf (~> 3.18)
    grpc (1.57.0)
      google-protobuf (~> 3.23)
      googleapis-common-protos-types (~> 1.0)
    nio4r (2.5.4)
    puma (4.3.6)
      nio4r (~> 2.0)
    rack (2.2.3)

PLATFORMS
  ruby

DEPENDENCIES
  functions_framework (~> 0.7)
  grpc (~> 1.53, >= 1.53.2)

BUNDLED WITH
   2.1.4
