GEM
  remote: https://rubygems.org/
  specs:
    cloud_events (0.7.1)
    functions_framework (0.11.0)
      cloud_events (>= 0.5.1, < 2.a)
      puma (>= 4.3.0, < 6.a)
      rack (~> 2.1)
    nio4r (2.7.1)
    puma (5.6.8)
      nio4r (~> 2.0)
    rack (2.2.9)

PLATFORMS
  ruby

DEPENDENCIES
  functions_framework (~> 0.7, >= 0.7.1)

BUNDLED WITH
   2.1.4
