GEM
  remote: https://rubygems.org/
  specs:
    rack (3.0.0)

PLATFORMS
  ruby

DEPENDENCIES
  rack (~> 3.0, >= 3.0.0)

BUNDLED WITH
   1.17.3
