GEM
  remote: https://rubygems.org/
  specs:
    cloud_events (0.3.1)
    functions_framework (0.9.0)
      cloud_events (~> 0.1)
      puma (~> 4.3)
      rack (~> 2.1)
    nio4r (2.5.7)
    puma (4.3.8)
      nio4r (~> 2.0)
    rack (2.2.3)

PLATFORMS
  ruby

DEPENDENCIES
  functions_framework (~> 0.7, >= 0.7.0)

BUNDLED WITH
   2.1.4
