GEM
  remote: https://rubygems.org/
  specs:
    cloud_events (0.7.1)
    functions_framework (0.6.0)
      cloud_events (~> 0.1)
      puma (~> 4.3)
      rack (~> 2.1)
    nio4r (2.7.1)
    puma (4.3.12)
      nio4r (~> 2.0)
    rack (2.2.9)

PLATFORMS
  ruby

DEPENDENCIES
  functions_framework (~> 0.6.0)

BUNDLED WITH
   2.1.4
