GEM
  remote: https://rubygems.org/
  specs:
    rack (2.2.6.3)

PLATFORMS
  ruby

DEPENDENCIES
  rack (~> 2.0, >= 2.0.9.3)

BUNDLED WITH
   1.17.3
